GIT
  remote: https://github.com/Quoin/arabic-letter-connector
  revision: e94c59dd9765b57127f47d88ae2b9d1046c38ce4
  branch: support-lam-alef-ligatures
  specs:
    arabic-letter-connector (0.1.1)

GIT
  remote: https://github.com/justinweiss/request_profiler.git
  revision: c1621e9aa4088940925254747a9eb6bc622d2417
  specs:
    request_profiler (0.0.4)
      rack
      ruby-prof

GIT
  remote: https://github.com/rapidftr/rapidftr-addon-cpims.git
  revision: 6d820ae76a6365436c4ef9325132422618178c7d
  branch: master
  specs:
    rapidftr_addon_cpims (0.0.4)
      activesupport
      chronic
      i18n
      writeexcel

GIT
  remote: https://github.com/rapidftr/rapidftr-addon.git
  revision: 30b6442b9ce69902c1b9b9b631061d54764f78bb
  branch: master
  specs:
    rapidftr_addon (0.0.2)
      activesupport
      i18n

GEM
  remote: https://rubygems.org/
  specs:
    Ascii85 (1.0.3)
    actioncable (5.1.6.2)
      actionpack (= 5.1.6.2)
      nio4r (~> 2.0)
      websocket-driver (~> 0.6.1)
    actionmailer (5.1.6.2)
      actionpack (= 5.1.6.2)
      actionview (= 5.1.6.2)
      activejob (= 5.1.6.2)
      mail (~> 2.5, >= 2.5.4)
      rails-dom-testing (~> 2.0)
    actionpack (5.1.6.2)
      actionview (= 5.1.6.2)
      activesupport (= 5.1.6.2)
      rack (~> 2.0)
      rack-test (>= 0.6.3)
      rails-dom-testing (~> 2.0)
      rails-html-sanitizer (~> 1.0, >= 1.0.2)
    actionview (5.1.6.2)
      activesupport (= 5.1.6.2)
      builder (~> 3.1)
      erubi (~> 1.4)
      rails-dom-testing (~> 2.0)
      rails-html-sanitizer (~> 1.0, >= 1.0.3)
    activejob (5.1.6.2)
      activesupport (= 5.1.6.2)
      globalid (>= 0.3.6)
    activemodel (5.1.6.2)
      activesupport (= 5.1.6.2)
    activerecord (5.1.6.2)
      activemodel (= 5.1.6.2)
      activesupport (= 5.1.6.2)
      arel (~> 8.0)
    activesupport (5.1.6.2)
      concurrent-ruby (~> 1.0, >= 1.0.2)
      i18n (>= 0.7, < 2)
      minitest (~> 5.1)
      tzinfo (~> 1.1)
    addressable (2.5.2)
      public_suffix (>= 2.0.2, < 4.0)
    afm (0.2.2)
    archive-zip (0.12.0)
      io-like (~> 0.3.0)
    arel (8.0.0)
    ast (2.4.0)
    babel-source (5.8.35)
    babel-transpiler (0.7.0)
      babel-source (>= 4.0, < 6)
      execjs (~> 2.0)
    backburner (1.5.0)
      beaneater (~> 1.0)
      concurrent-ruby (~> 1.0, >= 1.0.1)
      dante (> 0.1.5)
    beaneater (1.0.0)
    better_errors (2.5.1)
      coderay (>= 1.0.0)
      erubi (>= 1.0.0)
      rack (>= 0.9.0)
    binding_of_caller (0.8.0)
      debug_inspector (>= 0.0.1)
    builder (3.2.3)
    byebug (11.0.1)
    camertron-eprun (1.1.1)
    cancancan (1.9.2)
    capybara (2.16.1)
      addressable
      mini_mime (>= 0.1.3)
      nokogiri (>= 1.3.3)
      rack (>= 1.0.0)
      rack-test (>= 0.5.4)
      xpath (~> 2.0)
    capybara-selenium (0.0.6)
      capybara
      selenium-webdriver
    childprocess (0.9.0)
      ffi (~> 1.0, >= 1.0.11)
    chosen-rails (1.5.2)
      coffee-rails (>= 3.2)
      railties (>= 3.0)
      sass-rails (>= 3.2)
    chromedriver-helper (2.1.1)
      archive-zip (~> 0.10)
      nokogiri (~> 1.8)
    chronic (0.10.2)
    ci_reporter (2.0.0)
      builder (>= 2.1.2)
    cldr-plurals-runtime-rb (1.0.1)
    closure-compiler (1.1.13)
    coderay (1.1.2)
    coffee-rails (4.2.2)
      coffee-script (>= 2.2.0)
      railties (>= 4.0.0)
    coffee-script (2.4.1)
      coffee-script-source
      execjs
    coffee-script-source (1.12.2)
    concurrent-ruby (1.1.5)
    cookiejar (0.3.3)
    couchrest (1.2.1)
      mime-types (>= 1.15)
      multi_json (~> 1.7, ~> 1.0)
      rest-client (~> 1.8.0)
    couchrest_model (2.0.4)
      activemodel (>= 4.0, >= 3.0)
      couchrest (~> 1.2.1)
      mime-types (>= 1.16)
      tzinfo (>= 0.3.22)
    crass (1.0.4)
    daemon_controller (1.2.0)
    daemons (1.2.6)
    dante (0.2.0)
    debug_inspector (0.0.3)
    deep_merge (1.2.1)
    deepl-rb (2.2.0)
    diff-lcs (1.3)
    docile (1.1.5)
    domain_name (0.5.20190701)
      unf (>= 0.0.5, < 1.0.0)
    dynamic_form (1.1.4)
    easy_translate (0.5.1)
      thread
      thread_safe
    ejs (1.1.1)
    em-http-request (1.1.5)
      addressable (>= 2.3.4)
      cookiejar (!= 0.3.1)
      em-socksify (>= 0.3)
      eventmachine (>= 1.0.3)
      http_parser.rb (>= 0.6.0)
    em-socksify (0.3.2)
      eventmachine (>= 1.0.0.beta.4)
    erubi (1.8.0)
    et-orbi (1.2.1)
      tzinfo
    eventmachine (1.2.7)
    execjs (2.7.0)
    factory_bot (4.8.2)
      activesupport (>= 3.0.0)
    faraday (0.15.4)
      multipart-post (>= 1.2, < 3)
    ffi (1.11.1)
    foundation-rails (6.3.0.0)
      railties (>= 3.1.0)
      sass (>= 3.3.0, < 3.5)
      sprockets-es6 (>= 0.9.0)
    globalid (0.4.2)
      activesupport (>= 4.2.0)
    hashery (2.1.2)
    highline (1.7.10)
    hpricot (0.8.6)
    http-cookie (1.0.3)
      domain_name (~> 0.5)
    http_parser.rb (0.6.0)
    i18n (1.6.0)
      concurrent-ruby (~> 1.0)
    i18n-js (3.0.11)
      i18n (>= 0.6.6, < 2)
    i18n-tasks (0.9.23)
      activesupport (>= 4.0.2)
      ast (>= 2.1.0)
      deepl-rb (>= 2.1.0)
      easy_translate (>= 0.5.1)
      erubi
      highline (>= 1.7.3)
      i18n
      parser (>= 2.2.3.0)
      rainbow (>= 2.2.2, < 4.0)
      terminal-table (>= 1.5.1)
    io-like (0.3.0)
    jaro_winkler (1.5.3)
    jasmine (2.4.0)
      jasmine-core (~> 2.4)
      phantomjs
      rack (>= 1.2.1)
      rake
    jasmine-core (2.99.2)
    jquery-rails (4.3.5)
      rails-dom-testing (>= 1, < 3)
      railties (>= 4.2.0)
      thor (>= 0.14, < 2.0)
    jquery-turbolinks (2.1.0)
      railties (>= 3.1.0)
      turbolinks
    json (2.2.0)
    json_spec (1.1.5)
      multi_json (~> 1.0)
      rspec (>= 2.0, < 4.0)
    launchy (2.4.3)
      addressable (~> 2.3)
    letter_opener (1.7.0)
      launchy (~> 2.2)
    libv8 (3.16.14.19)
    loofah (2.2.3)
      crass (~> 1.0.2)
      nokogiri (>= 1.5.9)
    mail (2.7.1)
      mini_mime (>= 0.1.1)
    memoist (0.11.0)
    memory-profiler (1.0.3)
    method_source (0.9.2)
    mime-types (1.16)
    mini_magick (4.9.5)
    mini_mime (1.0.2)
    mini_portile2 (2.4.0)
    minitest (5.11.3)
    momentjs-rails (2.17.1)
      railties (>= 3.1)
    multi_json (1.12.2)
    multipart-post (2.1.1)
    netrc (0.11.0)
    nio4r (2.4.0)
    nokogiri (1.10.4)
      mini_portile2 (~> 2.4.0)
    options (2.3.2)
    os (1.0.1)
    parallel (1.17.0)
    parser (2.6.3.0)
      ast (~> 2.4.0)
    passenger (4.0.59)
      daemon_controller (>= 1.2.0)
      rack
      rake (>= 0.8.1)
    pdf-core (0.7.0)
    pdf-inspector (1.3.0)
      pdf-reader (>= 1.0, < 3.0.a)
    pdf-reader (2.0.0)
      Ascii85 (~> 1.0.0)
      afm (~> 0.2.1)
      hashery (~> 2.0)
      ruby-rc4
      ttfunk
    phantomjs (2.1.1.0)
    pr_geohash (1.0.0)
    prawn (2.2.2)
      pdf-core (~> 0.7.0)
      ttfunk (~> 1.5)
    prawn-table (0.2.2)
      prawn (>= 1.3.0, < 3.0.0)
    progress_bar (1.1.0)
      highline (~> 1.6)
      options (~> 2.3.0)
    pry (0.12.2)
      coderay (~> 1.1.0)
      method_source (~> 0.9.0)
    pry-byebug (3.7.0)
      byebug (~> 11.0)
      pry (~> 0.10)
    public_suffix (3.1.1)
    puma (3.12.1)
    rack (2.0.7)
    rack-mini-profiler (1.0.2)
      rack (>= 1.2.0)
    rack-test (1.1.0)
      rack (>= 1.0, < 3)
    rack_session_access (0.2.0)
      builder (>= 2.0.0)
      rack (>= 1.0.0)
    rails (5.1.6.2)
      actioncable (= 5.1.6.2)
      actionmailer (= 5.1.6.2)
      actionpack (= 5.1.6.2)
      actionview (= 5.1.6.2)
      activejob (= 5.1.6.2)
      activemodel (= 5.1.6.2)
      activerecord (= 5.1.6.2)
      activesupport (= 5.1.6.2)
      bundler (>= 1.3.0)
      railties (= 5.1.6.2)
      sprockets-rails (>= 2.0.0)
    rails-controller-testing (1.0.4)
      actionpack (>= 5.0.1.x)
      actionview (>= 5.0.1.x)
      activesupport (>= 5.0.1.x)
    rails-dom-testing (2.0.3)
      activesupport (>= 4.2.0)
      nokogiri (>= 1.6)
    rails-html-sanitizer (1.2.0)
      loofah (~> 2.2, >= 2.2.2)
    railties (5.1.6.2)
      actionpack (= 5.1.6.2)
      activesupport (= 5.1.6.2)
      method_source
      rake (>= 0.8.7)
      thor (>= 0.18.1, < 2.0)
    rainbow (3.0.0)
    rake (12.3.3)
    ref (2.0.0)
    rest-client (1.8.0)
      http-cookie (>= 1.0.2, < 2.0)
      mime-types (>= 1.16, < 3.0)
      netrc (~> 0.7)
    rsolr (2.2.1)
      builder (>= 2.1.2)
      faraday (>= 0.9.0)
    rspec (3.7.0)
      rspec-core (~> 3.7.0)
      rspec-expectations (~> 3.7.0)
      rspec-mocks (~> 3.7.0)
    rspec-activemodel-mocks (1.0.3)
      activemodel (>= 3.0)
      activesupport (>= 3.0)
      rspec-mocks (>= 2.99, < 4.0)
    rspec-collection_matchers (1.1.3)
      rspec-expectations (>= 2.99.0.beta1)
    rspec-core (3.7.1)
      rspec-support (~> 3.7.0)
    rspec-expectations (3.7.0)
      diff-lcs (>= 1.2.0, < 2.0)
      rspec-support (~> 3.7.0)
    rspec-instafail (1.0.0)
      rspec
    rspec-mocks (3.7.0)
      diff-lcs (>= 1.2.0, < 2.0)
      rspec-support (~> 3.7.0)
    rspec-rails (3.7.2)
      actionpack (>= 3.0)
      activesupport (>= 3.0)
      railties (>= 3.0)
      rspec-core (~> 3.7.0)
      rspec-expectations (~> 3.7.0)
      rspec-mocks (~> 3.7.0)
      rspec-support (~> 3.7.0)
    rspec-support (3.7.1)
    rubocop (0.74.0)
      jaro_winkler (~> 1.5.1)
      parallel (~> 1.10)
      parser (>= 2.6)
      rainbow (>= 2.2.2, < 4.0)
      ruby-progressbar (~> 1.7)
      unicode-display_width (>= 1.4.0, < 1.7)
    ruby-ole (1.2.12.2)
    ruby-prof (1.0.0)
    ruby-progressbar (1.10.1)
    ruby-rc4 (0.1.5)
    rubyzip (1.3.0)
    rufus-scheduler (3.4.2)
      et-orbi (~> 1.0)
    sass (3.4.25)
    sass-rails (5.0.7)
      railties (>= 4.0.0, < 6)
      sass (~> 3.1)
      sprockets (>= 2.8, < 4.0)
      sprockets-rails (>= 2.0, < 4.0)
      tilt (>= 1.1, < 3)
    selenium-webdriver (3.7.0)
      childprocess (~> 0.5)
      rubyzip (~> 1.0)
    simplecov (0.15.1)
      docile (~> 1.1.0)
      json (>= 1.8, < 3)
      simplecov-html (~> 0.10.0)
    simplecov-html (0.10.2)
    simplecov-rcov (0.2.3)
      simplecov (>= 0.4.1)
    spreadsheet (1.1.9)
      ruby-ole (>= 1.0)
    sprockets (3.7.2)
      concurrent-ruby (~> 1.0)
      rack (> 1, < 3)
    sprockets-es6 (0.9.2)
      babel-source (>= 5.8.11)
      babel-transpiler
      sprockets (>= 3.0.0)
    sprockets-rails (3.2.1)
      actionpack (>= 4.0)
      activesupport (>= 4.0)
      sprockets (>= 3.0.0)
    sunspot (2.3.0)
      pr_geohash (~> 1.0)
      rsolr (>= 1.1.1, < 3)
    sunspot_rails (2.3.0)
      rails (>= 3)
      sunspot (= 2.3.0)
    sunspot_solr (2.3.0)
    sunspot_test (0.4.1)
      sunspot_rails (>= 2.1.1)
      sunspot_solr
    terminal-table (1.8.0)
      unicode-display_width (~> 1.1, >= 1.1.1)
    therubyracer (0.12.3)
      libv8 (~> 3.16.14.15)
      ref
    thor (0.20.3)
    thread (0.2.2)
    thread_safe (0.3.6)
    tilt (2.0.9)
    timecop (0.9.1)
    ttfunk (1.5.1)
    turbolinks (5.1.0)
      turbolinks-source (~> 5.1)
    turbolinks-source (5.2.0)
    twitter_cldr (4.4.4)
      camertron-eprun
      cldr-plurals-runtime-rb (~> 1.0)
      tzinfo
    tzinfo (1.2.4)
      thread_safe (~> 0.1)
    uglifier (4.0.2)
      execjs (>= 0.3.0, < 3)
    unf (0.1.4)
      unf_ext
    unf_ext (0.0.7.6)
    unicode-display_width (1.6.0)
    uuidtools (2.1.5)
    validatable (1.6.7)
    websocket-driver (0.6.5)
      websocket-extensions (>= 0.1.0)
    websocket-extensions (0.1.4)
    will_paginate (3.1.7)
    writeexcel (1.0.5)
    xpath (2.1.0)
      nokogiri (~> 1.3)
    yui-compressor (0.12.0)

PLATFORMS
  ruby

DEPENDENCIES
  addressable (~> 2.5.2)
  arabic-letter-connector!
  backburner
  better_errors
  binding_of_caller
  cancancan (~> 1.9.2)
  capybara (~> 2.16.1)
  capybara-selenium (~> 0.0.6)
  chosen-rails (~> 1.5.2)
  chromedriver-helper
  ci_reporter
  closure-compiler (= 1.1.13)
  coffee-rails (~> 4.2.2)
  couchrest_model (= 2.0.4)
  daemons (~> 1.2.5)
  deep_merge
  dynamic_form (~> 1.1.4)
  ejs (~> 1.1.1)
  em-http-request (~> 1.1.2)
  eventmachine (~> 1.2.5)
  factory_bot (~> 4.8.2)
  foundation-rails (~> 6.3.0.0)
  highline (~> 1.7.8)
  hpricot
  i18n-js (~> 3.0.1)
  i18n-tasks (~> 0.9.18)
  jasmine (~> 2.4.0)
  jquery-rails
  jquery-turbolinks
  json_spec
  letter_opener
  memoist (~> 0.11.0)
  memory-profiler
  mime-types (= 1.16)
  mini_magick (~> 4.9.4)
  momentjs-rails (~> 2.17.1)
  multi_json (~> 1.12.2)
  nokogiri (>= 1.10.4)
  os (~> 1.0.0)
  passenger (= 4.0.59)
  pdf-inspector
  pdf-reader (= 2.0.0)
  prawn (~> 2.2.2)
  prawn-table (~> 0.2.2)
  progress_bar (~> 1.1.0)
  pry
  pry-byebug
  puma (~> 3.7)
  rack-mini-profiler (>= 1.0.0)
  rack_session_access
  rails (= 5.1.6.2)
  rails-controller-testing (~> 1.0.2)
  rake (~> 12.3.0)
  rapidftr_addon!
  rapidftr_addon_cpims!
  request_profiler!
  rspec (~> 3.7.0)
  rspec-activemodel-mocks (~> 1.0.3)
  rspec-collection_matchers (~> 1.1.3)
  rspec-instafail (~> 1.0.0)
  rspec-rails (~> 3.7.2)
  rubocop
  ruby-prof
  rubyzip (~> 1.3.0)
  rufus-scheduler (~> 3.4.2)
  sass-rails (~> 5.0.6)
  selenium-webdriver (~> 3.7.0)
  simplecov (~> 0.15.1)
  simplecov-rcov (~> 0.2.3)
  spreadsheet (~> 1.1.5)
  sunspot_rails (= 2.3.0)
  sunspot_solr (= 2.3.0)
  sunspot_test
  therubyracer (~> 0.12.2)
  timecop (~> 0.9.1)
  turbolinks (= 5.1.0)
  twitter_cldr
  tzinfo (= 1.2.4)
  uglifier (~> 4.0.2)
  uuidtools (~> 2.1.1)
  validatable (= 1.6.7)
  will_paginate (~> 3.1.0)
  writeexcel (~> 1.0.5)
  yui-compressor

RUBY VERSION
   ruby 2.4.3p205

BUNDLED WITH
   1.16.6
